GIT
  remote: https://github.com/ministryofjustice/et_fake_acas_server.git
  revision: eeaf6c89ce645e02d0f0a857aada546e1687d7ce
  ref: eeaf6c89ce645e02d0f0a857aada546e1687d7ce
  specs:
    et_fake_acas_server (0.1.0)
      activesupport (~> 5.2)
      nokogiri (~> 1.8, >= 1.8.2)
      ruby-mcrypt (~> 0.2)
      sinatra (~> 2.0, >= 2.0.3)

GEM
  remote: https://rubygems.org/
  specs:
    activesupport (5.2.0)
      concurrent-ruby (~> 1.0, >= 1.0.2)
      i18n (>= 0.7, < 2)
      minitest (~> 5.1)
      tzinfo (~> 1.1)
    addressable (2.5.2)
      public_suffix (>= 2.0.2, < 4.0)
    archive-zip (0.7.0)
      io-like (~> 0.3.0)
    aws-partitions (1.80.0)
    aws-sdk-core (3.19.0)
      aws-partitions (~> 1.0)
      aws-sigv4 (~> 1.0)
      jmespath (~> 1.0)
    aws-sdk-kms (1.5.0)
      aws-sdk-core (~> 3)
      aws-sigv4 (~> 1.0)
    aws-sdk-s3 (1.9.0)
      aws-sdk-core (~> 3)
      aws-sdk-kms (~> 1)
      aws-sigv4 (~> 1.0)
    aws-sigv4 (1.0.2)
    backports (3.11.2)
    builder (3.2.3)
    capybara (2.18.0)
      addressable
      mini_mime (>= 0.1.3)
      nokogiri (>= 1.3.3)
      rack (>= 1.0.0)
      rack-test (>= 0.5.4)
      xpath (>= 2.0, < 4.0)
    capybara-screenshot (1.0.18)
      capybara (>= 1.0, < 3)
      launchy
    childprocess (0.8.0)
      ffi (~> 1.0, >= 1.0.11)
    chromedriver-helper (1.1.0)
      archive-zip (~> 0.7.0)
      nokogiri (~> 1.6)
    cliver (0.3.2)
    coderay (1.1.2)
    concurrent-ruby (1.0.5)
    cucumber (3.1.0)
      builder (>= 2.1.2)
      cucumber-core (~> 3.1.0)
      cucumber-expressions (~> 5.0.4)
      cucumber-wire (~> 0.0.1)
      diff-lcs (~> 1.3)
      gherkin (~> 5.0)
      multi_json (>= 1.7.5, < 2.0)
      multi_test (>= 0.1.2)
    cucumber-core (3.1.0)
      backports (>= 3.8.0)
      cucumber-tag_expressions (~> 1.1.0)
      gherkin (>= 5.0.0)
    cucumber-expressions (5.0.17)
    cucumber-tag_expressions (1.1.1)
    cucumber-wire (0.0.1)
    debase (0.2.2)
      debase-ruby_core_source (>= 0.10.2)
    debase-ruby_core_source (0.10.2)
    diff-lcs (1.3)
    dotenv (2.2.2)
    factory_bot (4.8.2)
      activesupport (>= 3.0.0)
    faker (1.8.7)
      i18n (>= 0.7)
    ffi (1.9.23)
    geckodriver-helper (0.0.4)
      archive-zip (~> 0.7.0)
    gherkin (5.0.0)
    httparty (0.16.2)
      multi_xml (>= 0.5.2)
    i18n (0.9.5)
      concurrent-ruby (~> 1.0)
    io-like (0.3.0)
    jmespath (1.4.0)
    launchy (2.4.3)
      addressable (~> 2.3)
    method_source (0.9.0)
    mini_mime (1.0.0)
    mini_portile2 (2.3.0)
    minitest (5.11.3)
    multi_json (1.13.1)
    multi_test (0.1.2)
    multi_xml (0.6.0)
    mustermann (1.0.2)
    nokogiri (1.8.2)
      mini_portile2 (~> 2.3.0)
    parallel (1.12.1)
    parallel_tests (2.21.3)
      parallel
    pdf-forms (1.1.1)
      cliver (~> 0.3.2)
      safe_shell (>= 1.0.3, < 2.0)
    pry (0.11.3)
      coderay (~> 1.1.0)
      method_source (~> 0.9.0)
    public_suffix (3.0.2)
    rack (2.0.4)
    rack-protection (2.0.3)
      rack
    rack-test (0.8.3)
      rack (>= 1.0, < 3)
    rake (12.3.0)
    rspec (3.7.0)
      rspec-core (~> 3.7.0)
      rspec-expectations (~> 3.7.0)
      rspec-mocks (~> 3.7.0)
    rspec-core (3.7.1)
      rspec-support (~> 3.7.0)
    rspec-expectations (3.7.0)
      diff-lcs (>= 1.2.0, < 2.0)
      rspec-support (~> 3.7.0)
    rspec-mocks (3.7.0)
      diff-lcs (>= 1.2.0, < 2.0)
      rspec-support (~> 3.7.0)
    rspec-support (3.7.1)
    ruby-debug-ide (0.6.1)
      rake (>= 0.8.1)
    ruby-mcrypt (0.2.0)
    rubyzip (1.2.1)
    safe_shell (1.1.0)
    selenium-webdriver (3.10.0)
      childprocess (~> 0.5)
      rubyzip (~> 1.2)
    settingslogic (2.0.9)
    sinatra (2.0.3)
      mustermann (~> 1.0)
      rack (~> 2.0)
      rack-protection (= 2.0.3)
      tilt (~> 2.0)
    site_prism (2.10)
      addressable (~> 2.4)
      capybara (~> 2.3)
    thread_safe (0.3.6)
    tilt (2.0.8)
    tzinfo (1.2.5)
      thread_safe (~> 0.1)
    xpath (3.0.0)
      nokogiri (~> 1.8)

PLATFORMS
  ruby

DEPENDENCIES
  activesupport (~> 5.2)
  aws-sdk-s3 (~> 1.9)
  capybara (~> 2.17)
  capybara-screenshot (~> 1.0)
  chromedriver-helper (~> 1.1)
  cucumber (~> 3.1)
  debase (~> 0.2)
  dotenv (~> 2.2, >= 2.2.2)
  et_fake_acas_server!
  factory_bot
  faker (~> 1.8, >= 1.8.7)
  geckodriver-helper (~> 0.0)
  httparty (~> 0.16.2)
  i18n (~> 0.8)
  parallel_tests
  pdf-forms (~> 1.1, >= 1.1.1)
  pry
  rake
  rspec (~> 3.7)
  ruby-debug-ide (~> 0.6)
  rubyzip (~> 1.2, >= 1.2.1)
  selenium-webdriver (~> 3.10)
  settingslogic
  site_prism (~> 2.9)

BUNDLED WITH
   1.16.3
