GIT
  remote: https://github.com/hmcts/et-ccd-client-ruby.git
  revision: 277d0634a7c84bab2eee78437a966f1119d324f9
  tag: v0.1.51
  specs:
    et_ccd_client (0.1.51)
      addressable (~> 2.6)
      connection_pool (~> 2.2, >= 2.2.2)
      rest-client (~> 2.0, >= 2.0.2)
      rotp (~> 5.0)
      webmock (~> 3.6)

GIT
  remote: https://github.com/hmcts/et_test_helpers.git
  revision: e7718f41ec02d045ccb5f3af88e3dcbc2dce658a
  tag: v1.0.4
  specs:
    et_test_helpers (1.0.4)
      activesupport (> 5.0)
      capybara (~> 3)
      i18n (~> 1.8)
      rspec (>= 3.0)
      site_prism (~> 3.5)

GEM
  remote: https://rubygems.org/
  specs:
    activesupport (6.1.7.3)
      concurrent-ruby (~> 1.0, >= 1.0.2)
      i18n (>= 1.6, < 2)
      minitest (>= 5.1)
      tzinfo (~> 2.0)
      zeitwerk (~> 2.3)
    addressable (2.8.0)
      public_suffix (>= 2.0.2, < 5.0)
    aws-eventstream (1.1.0)
    aws-partitions (1.399.0)
    aws-sdk-core (3.109.3)
      aws-eventstream (~> 1, >= 1.0.2)
      aws-partitions (~> 1, >= 1.239.0)
      aws-sigv4 (~> 1.1)
      jmespath (~> 1.0)
    aws-sdk-kms (1.39.0)
      aws-sdk-core (~> 3, >= 3.109.0)
      aws-sigv4 (~> 1.1)
    aws-sdk-s3 (1.85.0)
      aws-sdk-core (~> 3, >= 3.109.0)
      aws-sdk-kms (~> 1)
      aws-sigv4 (~> 1.1)
    aws-sigv4 (1.2.2)
      aws-eventstream (~> 1, >= 1.0.2)
    azure-core (0.1.15)
      faraday (~> 0.9)
      faraday_middleware (~> 0.10)
      nokogiri (~> 1.6)
    azure-storage (0.15.0.preview)
      azure-core (~> 0.1)
      faraday (~> 0.9)
      faraday_middleware (~> 0.10)
      nokogiri (~> 1.6, >= 1.6.8)
    builder (3.2.4)
    capybara (3.35.3)
      addressable
      mini_mime (>= 0.1.3)
      nokogiri (~> 1.8)
      rack (>= 1.6.0)
      rack-test (>= 0.6.3)
      regexp_parser (>= 1.5, < 3.0)
      xpath (~> 3.2)
    capybara-screenshot (1.0.25)
      capybara (>= 1.0, < 4)
      launchy
    childprocess (3.0.0)
    cliver (0.3.2)
    coderay (1.1.3)
    concurrent-ruby (1.2.2)
    connection_pool (2.2.5)
    crack (0.4.5)
      rexml
    cucumber (7.0.0)
      builder (~> 3.2, >= 3.2.4)
      cucumber-core (~> 10.0, >= 10.0.1)
      cucumber-create-meta (~> 6.0, >= 6.0.1)
      cucumber-cucumber-expressions (~> 12.1, >= 12.1.1)
      cucumber-gherkin (~> 20.0, >= 20.0.1)
      cucumber-html-formatter (~> 16.0, >= 16.0.1)
      cucumber-messages (~> 17.0, >= 17.0.1)
      cucumber-wire (~> 6.0, >= 6.0.1)
      diff-lcs (~> 1.4, >= 1.4.4)
      mime-types (~> 3.3, >= 3.3.1)
      multi_test (~> 0.1, >= 0.1.2)
      sys-uname (~> 1.2, >= 1.2.2)
    cucumber-core (10.0.1)
      cucumber-gherkin (~> 20.0, >= 20.0.1)
      cucumber-messages (~> 17.0, >= 17.0.1)
      cucumber-tag-expressions (~> 3.0, >= 3.0.1)
    cucumber-create-meta (6.0.1)
      cucumber-messages (~> 17.0, >= 17.0.1)
      sys-uname (~> 1.2, >= 1.2.2)
    cucumber-cucumber-expressions (12.1.2)
    cucumber-gherkin (20.0.1)
      cucumber-messages (~> 17.0, >= 17.0.1)
    cucumber-html-formatter (16.0.1)
      cucumber-messages (~> 17.0, >= 17.0.1)
    cucumber-messages (17.0.1)
    cucumber-tag-expressions (3.0.1)
    cucumber-wire (6.1.1)
      cucumber-core (~> 10.0, >= 10.0.1)
      cucumber-cucumber-expressions (~> 12.1, >= 12.1.2)
      cucumber-messages (~> 17.0, >= 17.0.1)
    diff-lcs (1.4.4)
    domain_name (0.5.20190701)
      unf (>= 0.0.5, < 1.0.0)
    dotenv (2.7.6)
    factory_bot (6.2.0)
      activesupport (>= 5.0.0)
    faker (1.9.6)
      i18n (>= 0.7)
    faraday (0.17.3)
      multipart-post (>= 1.2, < 3)
    faraday_middleware (0.14.0)
      faraday (>= 0.7.4, < 1.0)
    ffi (1.15.3)
    hashdiff (1.0.1)
    http-accept (1.7.0)
    http-cookie (1.0.4)
      domain_name (~> 0.5)
    httparty (0.18.1)
      mime-types (~> 3.0)
      multi_xml (>= 0.5.2)
    i18n (1.8.10)
      concurrent-ruby (~> 1.0)
    jmespath (1.4.0)
    launchy (2.5.0)
      addressable (~> 2.7)
    mail (2.7.1)
      mini_mime (>= 0.1.1)
    mechanize (2.8.2)
      addressable (~> 2.8)
      domain_name (~> 0.5, >= 0.5.20190701)
      http-cookie (~> 1.0, >= 1.0.3)
      mime-types (~> 3.0)
      net-http-digest_auth (~> 1.4, >= 1.4.1)
      net-http-persistent (>= 2.5.2, < 5.0.dev)
      nokogiri (~> 1.11, >= 1.11.2)
      rubyntlm (~> 0.6, >= 0.6.3)
      webrick (~> 1.7)
      webrobots (~> 0.1.2)
    method_source (1.0.0)
    mime-types (3.3.1)
      mime-types-data (~> 3.2015)
    mime-types-data (3.2021.0704)
    mini_mime (1.1.1)
    mini_portile2 (2.6.1)
    minitest (5.18.0)
    multi_test (0.1.2)
    multi_xml (0.6.0)
    multipart-post (2.1.1)
    net-http-digest_auth (1.4.1)
    net-http-persistent (4.0.1)
      connection_pool (~> 2.2)
    netrc (0.11.0)
    nokogiri (1.12.4)
      mini_portile2 (~> 2.6.1)
      racc (~> 1.4)
    parallel (1.20.1)
    parallel_tests (3.7.1)
      parallel
    pdf-forms (1.3.0)
      cliver (~> 0.3.2)
      safe_shell (>= 1.0.3, < 2.0)
    pry (0.14.1)
      coderay (~> 1.1)
      method_source (~> 1.0)
    public_suffix (4.0.6)
    racc (1.5.2)
    rack (2.2.3)
    rack-test (1.1.0)
      rack (>= 1.0, < 3)
    rake (13.0.6)
    regexp_parser (2.1.1)
    rest-client (2.1.0)
      http-accept (>= 1.7.0, < 2.0)
      http-cookie (>= 1.0.2, < 2.0)
      mime-types (>= 1.16, < 4.0)
      netrc (~> 0.8)
    rexml (3.2.5)
    rotp (5.1.0)
      addressable (~> 2.5)
    rspec (3.10.0)
      rspec-core (~> 3.10.0)
      rspec-expectations (~> 3.10.0)
      rspec-mocks (~> 3.10.0)
    rspec-core (3.10.1)
      rspec-support (~> 3.10.0)
    rspec-expectations (3.10.1)
      diff-lcs (>= 1.2.0, < 2.0)
      rspec-support (~> 3.10.0)
    rspec-mocks (3.10.2)
      diff-lcs (>= 1.2.0, < 2.0)
      rspec-support (~> 3.10.0)
    rspec-support (3.10.2)
    rubyntlm (0.6.3)
    rubyzip (2.3.2)
    safe_shell (1.1.0)
    selenium-webdriver (3.142.7)
      childprocess (>= 0.5, < 4.0)
      rubyzip (>= 1.2.2)
    settingslogic (2.0.9)
    site_prism (3.7.2)
      addressable (~> 2.5)
      capybara (~> 3.8)
      site_prism-all_there (>= 0.3.1, < 1.0)
    site_prism-all_there (0.3.2)
    sys-uname (1.2.2)
      ffi (~> 1.1)
    thor (0.20.3)
    tzinfo (2.0.6)
      concurrent-ruby (~> 1.0)
    unf (0.1.4)
      unf_ext
    unf_ext (0.0.7.7)
    webdrivers (4.6.1)
      nokogiri (~> 1.6)
      rubyzip (>= 1.3.0)
      selenium-webdriver (>= 3.0, < 4.0)
    webmock (3.14.0)
      addressable (>= 2.8.0)
      crack (>= 0.3.2)
      hashdiff (>= 0.4.0, < 2.0.0)
    webrick (1.7.0)
    webrobots (0.1.2)
    xpath (3.2.0)
      nokogiri (~> 1.8)
    zeitwerk (2.6.7)

PLATFORMS
  ruby

DEPENDENCIES
  activesupport (~> 6.1)
  aws-sdk-s3 (~> 1.9)
  azure-storage (~> 0.15.0.preview)
  capybara (~> 3.10)
  capybara-screenshot (~> 1.0)
  cucumber (~> 7.0)
  dotenv (~> 2.2, >= 2.2.2)
  et_ccd_client!
  et_test_helpers!
  factory_bot
  faker (~> 1.8, >= 1.8.7)
  httparty (~> 0.18)
  i18n (~> 1.8)
  mail
  mechanize (~> 2.7, >= 2.7.6)
  parallel_tests
  pdf-forms (~> 1.1, >= 1.1.1)
  pry
  rake
  rspec (~> 3.7)
  rubyzip (~> 2.3)
  selenium-webdriver (~> 3.141)
  settingslogic
  site_prism (~> 3.7)
  thor (~> 0.20.3)
  webdrivers (~> 4.0)

BUNDLED WITH
   1.17.3
